GEM
  remote: http://rubygems.org/
  specs:
    builder (3.1.4)
    json (1.7.6)
    mime-types (1.19)
    nokogiri (1.5.6)
    plist (3.1.0)
    rake (10.0.3)
    rest-client (1.6.7)
      mime-types (>= 1.16)
    xcoder (0.1.15)
      builder
      json
      nokogiri
      plist
      rest-client

PLATFORMS
  ruby

DEPENDENCIES
  rake
  xcoder
